GEM
  remote: https://rubygems.org/
  specs:
    erubis (2.7.0)
    multi_json (1.12.1)
    mustermann (3.0.0)
      ruby2_keywords (~> 0.0.1)
    rack (2.2.7)
    rack-protection (3.0.6)
      rack
    ruby2_keywords (0.0.5)
    sinatra (3.0.6)
      mustermann (~> 3.0)
      rack (~> 2.2, >= 2.2.4)
      rack-protection (= 3.0.6)
      tilt (~> 2.0)
    sinatra-contrib (3.0.6)
      multi_json
      mustermann (~> 3.0)
      rack-protection (= 3.0.6)
      sinatra (= 3.0.6)
      tilt (~> 2.0)
    tilt (2.0.5)
    webrick (1.8.1)

PLATFORMS
  ruby

DEPENDENCIES
  erubis
  sinatra (~> 3.0.6)
  sinatra-contrib
  webrick

BUNDLED WITH
   2.4.15
